GEM
  remote: https://rubygems.org/
  specs:
    childprocess (0.8.0)
      ffi (~> 1.0, >= 1.0.11)
    colorize (0.8.1)
    dotenv (0.11.1)
      dotenv-deployment (~> 0.0.2)
    dotenv-deployment (0.0.2)
    ffi (1.9.18)
    fuzzy_match (2.1.0)
    jenkins_api_client (1.5.3)
      json (>= 1.0)
      mixlib-shellout (>= 1.1.0)
      nokogiri (~> 1.6)
      socksify (>= 1.7.0)
      terminal-table (>= 1.4.0)
      thor (>= 0.16.0)
    json (2.1.0)
    mini_portile2 (2.3.0)
    mixlib-shellout (2.2.7)
    nokogiri (1.8.1)
      mini_portile2 (~> 2.3.0)
    rubyzip (1.3.0)
    selenium-webdriver (3.7.0)
      childprocess (~> 0.5)
      rubyzip (~> 1.0)
    socksify (1.7.1)
    terminal-notifier (2.0.0)
    terminal-table (1.8.0)
      unicode-display_width (~> 1.1, >= 1.1.1)
    thor (0.20.0)
    unicode-display_width (1.3.0)

PLATFORMS
  ruby

DEPENDENCIES
  colorize (~> 0.8)
  dotenv (~> 0.9)
  fuzzy_match (~> 2.1)
  jenkins_api_client (~> 1.4)
  selenium-webdriver (~> 3.7)
  terminal-notifier (~> 2.0)

BUNDLED WITH
   1.16.0
